PATH
  remote: .
  specs:
    yudu (0.1.0)
      crack (~> 0.4.3)
      httparty (~> 0.13.7)

GEM
  remote: https://rubygems.org/
  specs:
    crack (0.4.3)
      safe_yaml (~> 1.0.0)
    httparty (0.13.7)
      json (~> 1.8)
      multi_xml (>= 0.5.2)
    json (1.8.6)
    multi_xml (0.6.0)
    rake (12.3.3)
    safe_yaml (1.0.5)

PLATFORMS
  ruby

DEPENDENCIES
  rake (~> 12.0)
  yudu!

BUNDLED WITH
   2.1.4
